GEM
  remote: https://rubygems.org/
  specs:
    activesupport (8.0.2.1)
      base64
      benchmark (>= 0.3)
      bigdecimal
      concurrent-ruby (~> 1.0, >= 1.3.1)
      connection_pool (>= 2.2.5)
      drb
      i18n (>= 1.6, < 2)
      logger (>= 1.4.2)
      minitest (>= 5.1)
      securerandom (>= 0.3)
      tzinfo (~> 2.0, >= 2.0.5)
      uri (>= 0.13.1)
    base64 (0.3.0)
    benchmark (0.4.1)
    bigdecimal (3.2.2)
    concurrent-ruby (1.3.5)
    connection_pool (2.5.3)
    cronex (0.15.0)
      tzinfo
      unicode (>= 0.4.4.5)
    dotenv (3.1.8)
    drb (2.2.3)
    et-orbi (1.3.0)
      tzinfo
    fugit (1.11.2)
      et-orbi (~> 1, >= 1.2.11)
      raabro (~> 1.4)
    globalid (1.2.1)
      activesupport (>= 6.1)
    i18n (1.14.7)
      concurrent-ruby (~> 1.0)
    json (2.13.2)
    logger (1.7.0)
    minitest (5.25.5)
    nats-pure (2.5.0)
      base64
      concurrent-ruby (~> 1.0)
      json
      securerandom
      uri
    raabro (1.4.0)
    rack (3.2.0)
    redis-client (0.25.2)
      connection_pool
    securerandom (0.4.1)
    sidekiq (8.0.7)
      connection_pool (>= 2.5.0)
      json (>= 2.9.0)
      logger (>= 1.6.2)
      rack (>= 3.1.0)
      redis-client (>= 0.23.2)
    sidekiq-cron (2.3.1)
      cronex (>= 0.13.0)
      fugit (~> 1.8, >= 1.11.1)
      globalid (>= 1.0.1)
      sidekiq (>= 6.5.0)
    tzinfo (2.0.6)
      concurrent-ruby (~> 1.0)
    unicode (0.4.4.5)
    uri (1.0.3)

PLATFORMS
  ruby
  x86_64-linux

DEPENDENCIES
  dotenv (~> 3.1)
  nats-pure (~> 2.4)
  sidekiq (~> 8.0)
  sidekiq-cron (~> 2.3)

BUNDLED WITH
   2.6.9
