GEM
  remote: https://rubygems.org/
  specs:
    dotenv (3.1.8)

PLATFORMS
  ruby
  x86_64-linux

DEPENDENCIES
  dotenv (~> 3.1)

BUNDLED WITH
   2.6.9
