GEM
  remote: https://rubygems.org/
  specs:
    base64 (0.3.0)
    concurrent-ruby (1.3.5)
    dotenv (3.1.8)
    json (2.13.2)
    nats-pure (2.5.0)
      base64
      concurrent-ruby (~> 1.0)
      json
      securerandom
      uri
    securerandom (0.4.1)
    uri (1.0.3)

PLATFORMS
  ruby
  x86_64-linux

DEPENDENCIES
  dotenv (~> 3.1)
  nats-pure (~> 2.4)

BUNDLED WITH
   2.6.9
